GIT
  remote: http://github.com/rubykube/vault-rails
  revision: 167283b25c34ba8a61ce2ad505f68dced3189f43
  specs:
    vault-rails (0.6.0)
      rails (>= 4.1)
      vault (~> 0.14)

GEM
  remote: https://rubygems.org/
  specs:
    aasm (5.1.1)
      concurrent-ruby (~> 1.0)
    actioncable (5.2.4.5)
      actionpack (= 5.2.4.5)
      nio4r (~> 2.0)
      websocket-driver (>= 0.6.1)
    actionmailer (5.2.4.5)
      actionpack (= 5.2.4.5)
      actionview (= 5.2.4.5)
      activejob (= 5.2.4.5)
      mail (~> 2.5, >= 2.5.4)
      rails-dom-testing (~> 2.0)
    actionpack (5.2.4.5)
      actionview (= 5.2.4.5)
      activesupport (= 5.2.4.5)
      rack (~> 2.0, >= 2.0.8)
      rack-test (>= 0.6.3)
      rails-dom-testing (~> 2.0)
      rails-html-sanitizer (~> 1.0, >= 1.0.2)
    actionview (5.2.4.5)
      activesupport (= 5.2.4.5)
      builder (~> 3.1)
      erubi (~> 1.4)
      rails-dom-testing (~> 2.0)
      rails-html-sanitizer (~> 1.0, >= 1.0.3)
    activejob (5.2.4.5)
      activesupport (= 5.2.4.5)
      globalid (>= 0.3.6)
    activemodel (5.2.4.5)
      activesupport (= 5.2.4.5)
    activerecord (5.2.4.5)
      activemodel (= 5.2.4.5)
      activesupport (= 5.2.4.5)
      arel (>= 9.0)
    activestorage (5.2.4.5)
      actionpack (= 5.2.4.5)
      activerecord (= 5.2.4.5)
      marcel (~> 0.3.1)
    activesupport (5.2.4.5)
      concurrent-ruby (~> 1.0, >= 1.0.2)
      i18n (>= 0.7, < 2)
      minitest (~> 5.1)
      tzinfo (~> 1.1)
    addressable (2.7.0)
      public_suffix (>= 2.0.2, < 5.0)
    amq-protocol (2.3.2)
    annotate (3.1.1)
      activerecord (>= 3.2, < 7.0)
      rake (>= 10.4, < 14.0)
    arel (9.0.0)
    arel-is-blank (1.0.0)
      arel (>= 6.0)
      arel-to-sql (~> 1.0)
    arel-to-sql (1.0.0)
      arel (>= 6.0)
    ast (2.4.2)
    aws-eventstream (1.1.0)
    aws-sigv4 (1.2.2)
      aws-eventstream (~> 1, >= 1.0.2)
    base58 (0.2.3)
    better-faraday (1.1.4)
      activesupport (>= 4.0, < 7.0)
      faraday (>= 0.17, < 2.0)
    bootsnap (1.7.2)
      msgpack (~> 1.0)
    builder (3.2.4)
    bullet (6.1.3)
      activesupport (>= 3.0.0)
      uniform_notifier (~> 1.11)
    bump (0.10.0)
    bunny (2.17.0)
      amq-protocol (~> 2.3, >= 2.3.1)
    byebug (11.1.3)
    cancancan (3.2.1)
    cash-addr (0.3.0)
      base58 (~> 0.2.3)
    coderay (1.1.3)
    concurrent-ruby (1.1.8)
    connection_pool (2.2.3)
    crack (0.4.5)
      rexml
    crass (1.0.6)
    database_cleaner (2.0.1)
      database_cleaner-active_record (~> 2.0.0)
    database_cleaner-active_record (2.0.0)
      activerecord (>= 5.a)
      database_cleaner-core (~> 2.0.0)
    database_cleaner-core (2.0.1)
    diff-lcs (1.4.4)
    dry-configurable (0.12.1)
      concurrent-ruby (~> 1.0)
      dry-core (~> 0.5, >= 0.5.0)
    dry-container (0.7.2)
      concurrent-ruby (~> 1.0)
      dry-configurable (~> 0.1, >= 0.1.3)
    dry-core (0.5.0)
      concurrent-ruby (~> 1.0)
    dry-inflector (0.2.0)
    dry-logic (1.1.0)
      concurrent-ruby (~> 1.0)
      dry-core (~> 0.5, >= 0.5)
    dry-types (1.5.1)
      concurrent-ruby (~> 1.0)
      dry-container (~> 0.3)
      dry-core (~> 0.5, >= 0.5)
      dry-inflector (~> 0.1, >= 0.1.2)
      dry-logic (~> 1.0, >= 1.0.2)
    email_validator (2.2.2)
      activemodel
    enumerize (2.4.0)
      activesupport (>= 3.2)
    env-tweaks (1.0.1)
      activesupport (>= 3.0, < 7.0)
    erubi (1.10.0)
    factory_bot (6.1.0)
      activesupport (>= 5.0.0)
    factory_bot_rails (6.1.0)
      factory_bot (~> 6.1.0)
      railties (>= 5.0.0)
    faker (2.16.0)
      i18n (>= 1.6, < 2)
    faraday (1.3.0)
      faraday-net_http (~> 1.0)
      multipart-post (>= 1.2, < 3)
      ruby2_keywords
    faraday-net_http (1.0.1)
    ffi (1.14.2)
    figaro (1.2.0)
      thor (>= 0.14.0, < 2)
    globalid (0.4.2)
      activesupport (>= 4.2.0)
    god (0.13.7)
    grape (1.5.2)
      activesupport
      builder
      dry-types (>= 1.1)
      mustermann-grape (~> 1.0.0)
      rack (>= 1.3.0)
      rack-accept
    grape-entity (0.8.2)
      activesupport (>= 3.0.0)
      multi_json (>= 1.3.2)
    grape-swagger (1.3.1)
      grape (~> 1.3)
    grape-swagger-entity (0.5.1)
      grape-entity (>= 0.6.0)
      grape-swagger (>= 1.2.0)
    grape-swagger-ui (2.2.8)
      railties (>= 3.1)
    grape_logging (1.8.4)
      grape
      rack
    grape_on_rails_routes (0.3.2)
      rails (>= 3.1.1)
    hashdiff (1.0.1)
    hashie (4.1.0)
    hiredis (0.6.3)
    i18n (1.8.9)
      concurrent-ruby (~> 1.0)
    influxdb (0.8.1)
    io-console (0.5.8)
    irb (1.3.3)
      reline (>= 0.1.5)
    jwt (2.2.2)
    jwt-multisig (1.0.5)
      activesupport (>= 4.0)
      jwt (~> 2.2)
    jwt-rack (0.1.1)
      jwt (~> 2.2)
      rack
    kaminari (1.2.1)
      activesupport (>= 4.1.0)
      kaminari-actionview (= 1.2.1)
      kaminari-activerecord (= 1.2.1)
      kaminari-core (= 1.2.1)
    kaminari-actionview (1.2.1)
      actionview
      kaminari-core (= 1.2.1)
    kaminari-activerecord (1.2.1)
      activerecord
      kaminari-core (= 1.2.1)
    kaminari-core (1.2.1)
    listen (3.4.1)
      rb-fsevent (~> 0.10, >= 0.10.3)
      rb-inotify (~> 0.9, >= 0.9.10)
    loofah (2.9.0)
      crass (~> 1.0.2)
      nokogiri (>= 1.5.9)
    mail (2.7.1)
      mini_mime (>= 0.1.1)
    marcel (0.3.3)
      mimemagic (~> 0.3.2)
    memoist (0.16.2)
    method-not-implemented (1.0.1)
    method_source (1.0.0)
    mimemagic (0.3.5)
    mini_mime (1.0.2)
    mini_portile2 (2.5.0)
    minitest (5.14.3)
    mocha (1.12.0)
    msgpack (1.4.2)
    multi_json (1.15.0)
    multipart-post (2.1.1)
    mustermann (1.1.1)
      ruby2_keywords (~> 0.0.1)
    mustermann-grape (1.0.1)
      mustermann (>= 1.0.0)
    mysql2 (0.5.3)
    net-http-persistent (4.0.1)
      connection_pool (~> 2.2)
    nio4r (2.5.5)
    nokogiri (1.11.1)
      mini_portile2 (~> 2.5.0)
      racc (~> 1.4)
    parallel (1.20.1)
    parser (3.0.0.0)
      ast (~> 2.4.1)
    pg (1.2.3)
    pry (0.13.1)
      coderay (~> 1.1)
      method_source (~> 1.0)
    pry-byebug (3.9.0)
      byebug (~> 11.0)
      pry (~> 0.13.0)
    public_suffix (4.0.6)
    puma (5.2.1)
      nio4r (~> 2.0)
    racc (1.5.2)
    rack (2.2.3)
    rack-accept (0.4.5)
      rack (>= 0.4)
    rack-attack (6.5.0)
      rack (>= 1.0, < 3)
    rack-cors (1.1.1)
      rack (>= 2.0.0)
    rack-test (1.1.0)
      rack (>= 1.0, < 3)
    rails (5.2.4.5)
      actioncable (= 5.2.4.5)
      actionmailer (= 5.2.4.5)
      actionpack (= 5.2.4.5)
      actionview (= 5.2.4.5)
      activejob (= 5.2.4.5)
      activemodel (= 5.2.4.5)
      activerecord (= 5.2.4.5)
      activestorage (= 5.2.4.5)
      activesupport (= 5.2.4.5)
      bundler (>= 1.3.0)
      railties (= 5.2.4.5)
      sprockets-rails (>= 2.0.0)
    rails-dom-testing (2.0.3)
      activesupport (>= 4.2.0)
      nokogiri (>= 1.6)
    rails-html-sanitizer (1.3.0)
      loofah (~> 2.3)
    railties (5.2.4.5)
      actionpack (= 5.2.4.5)
      activesupport (= 5.2.4.5)
      method_source
      rake (>= 0.8.7)
      thor (>= 0.19.0, < 2.0)
    rainbow (3.0.0)
    rake (13.0.3)
    ransack (2.4.2)
      activerecord (>= 5.2.4)
      activesupport (>= 5.2.4)
      i18n
    rb-fsevent (0.10.4)
    rb-inotify (0.10.1)
      ffi (~> 1.0)
    rbtree (0.4.4)
    redis (4.2.5)
    regexp_parser (2.0.3)
    reline (0.2.3)
      io-console (~> 0.5)
    rexml (3.2.4)
    rspec-core (3.9.3)
      rspec-support (~> 3.9.3)
    rspec-expectations (3.9.4)
      diff-lcs (>= 1.2.0, < 2.0)
      rspec-support (~> 3.9.0)
    rspec-mocks (3.9.1)
      diff-lcs (>= 1.2.0, < 2.0)
      rspec-support (~> 3.9.0)
    rspec-rails (3.9.1)
      actionpack (>= 3.0)
      activesupport (>= 3.0)
      railties (>= 3.0)
      rspec-core (~> 3.9.0)
      rspec-expectations (~> 3.9.0)
      rspec-mocks (~> 3.9.0)
      rspec-support (~> 3.9.0)
    rspec-retry (0.6.2)
      rspec-core (> 3.3)
    rspec-support (3.9.4)
    rubocop (1.10.0)
      parallel (~> 1.10)
      parser (>= 3.0.0.0)
      rainbow (>= 2.2.2, < 4.0)
      regexp_parser (>= 1.8, < 3.0)
      rexml
      rubocop-ast (>= 1.2.0, < 2.0)
      ruby-progressbar (~> 1.7)
      unicode-display_width (>= 1.4.0, < 3.0)
    rubocop-ast (1.4.1)
      parser (>= 2.7.1.5)
    rubocop-rspec (2.2.0)
      rubocop (~> 1.0)
      rubocop-ast (>= 1.1.0)
    ruby-prof (0.17.0)
    ruby-progressbar (1.11.0)
    ruby2_keywords (0.0.4)
    safe_yaml (1.0.5)
    scout_apm (4.0.4)
      parser
    sentry-raven (3.1.1)
      faraday (>= 1.0)
    sha3 (1.0.2)
    sprockets (4.0.2)
      concurrent-ruby (~> 1.0)
      rack (> 1, < 3)
    sprockets-rails (3.2.2)
      actionpack (>= 4.0)
      activesupport (>= 4.0)
      sprockets (>= 3.0.0)
    thor (1.1.0)
    thread_safe (0.3.6)
    timecop (0.9.4)
    tzinfo (1.2.9)
      thread_safe (~> 0.1)
    unicode-display_width (2.0.0)
    uniform_notifier (1.13.2)
    validate_url (1.0.13)
      activemodel (>= 3.0.0)
      public_suffix
    validates_lengths_from_database (0.8.0)
      activerecord (>= 4)
    vault (0.15.0)
      aws-sigv4
    webmock (3.11.2)
      addressable (>= 2.3.6)
      crack (>= 0.3.2)
      hashdiff (>= 0.4.0, < 2.0.0)
    websocket-driver (0.7.3)
      websocket-extensions (>= 0.1.0)
    websocket-extensions (0.1.5)

PLATFORMS
  ruby

DEPENDENCIES
  aasm (~> 5.1.1)
  annotate (~> 3.1.1)
  arel-is-blank (~> 1.0.0)
  better-faraday (~> 1.1.4)
  bootsnap (~> 1.7.2)
  bullet (~> 6.1.3)
  bump (~> 0.10)
  bunny (~> 2.17.0)
  cancancan (~> 3.2.1)
  cash-addr (~> 0.3.0)
  database_cleaner (~> 2.0.1)
  email_validator (~> 2.2.2)
  enumerize (~> 2.4.0)
  env-tweaks (~> 1.0.1)
  factory_bot_rails (~> 6.1.0)
  faker (~> 2.16)
  faraday (~> 1.3.0)
  figaro (~> 1.2.0)
  god (~> 0.13.7)
  grape (~> 1.5.2)
  grape-entity (~> 0.8.2)
  grape-swagger (~> 1.3.1)
  grape-swagger-entity (~> 0.5.1)
  grape-swagger-ui (~> 2.2.8)
  grape_logging (~> 1.8.4)
  grape_on_rails_routes (~> 0.3.2)
  hashie (~> 4.1.0)
  hiredis (~> 0.6.3)
  influxdb (~> 0.8.1)
  irb
  jwt (~> 2.2.2)
  jwt-multisig (~> 1.0.5)
  jwt-rack (~> 0.1.1)
  kaminari (~> 1.2.1)
  listen (~> 3.4.1)
  memoist (~> 0.16.2)
  method-not-implemented (~> 1.0.1)
  mocha (~> 1.12)
  mysql2 (~> 0.5.2)
  net-http-persistent (~> 4.0.1)
  pg (~> 1.2.3)
  pry-byebug (~> 3.9)
  puma (~> 5.2.1)
  rack-attack (~> 6.5.0)
  rack-cors (~> 1.1.1)
  rails (~> 5.2.4)
  ransack (~> 2.4.2)
  rbtree (~> 0.4.4)
  redis (~> 4.2.5)
  rspec-rails (~> 3.8, >= 3.8.2)
  rspec-retry (~> 0.6.2)
  rubocop-rspec (~> 2.2)
  ruby-prof (~> 0.17.0)
  safe_yaml (~> 1.0.5)
  scout_apm (~> 4.0.4)
  sentry-raven (~> 3.1.1)
  sha3 (~> 1.0.2)
  timecop (~> 0.9)
  validate_url (~> 1.0.13)
  validates_lengths_from_database (~> 0.8.0)
  vault (~> 0.15.0)
  vault-rails!
  webmock (~> 3.11.2)

RUBY VERSION
   ruby 3.0.0p0

BUNDLED WITH
   2.2.3
